GEM
  remote: https://rubygems.org/
  specs:
    CFPropertyList (2.2.8)
    diff-lcs (1.2.5)
    facter (2.4.6)
      CFPropertyList (~> 2.2.6)
    hiera (1.3.4)
      json_pure
    json (1.8.3)
    json_pure (1.8.3)
    metaclass (0.0.4)
    metadata-json-lint (0.0.11)
      json
      spdx-licenses (~> 1.0)
    mocha (1.1.0)
      metaclass (~> 0.0.1)
    puppet (3.8.7)
      facter (> 1.6, < 3)
      hiera (~> 1.0)
      json_pure
    puppet-lint (2.0.2)
    puppetlabs_spec_helper (0.7.0)
      mocha
      puppet-lint
      rake
      rspec
      rspec-puppet
    rake (11.3.0)
    rspec (3.5.0)
      rspec-core (~> 3.5.0)
      rspec-expectations (~> 3.5.0)
      rspec-mocks (~> 3.5.0)
    rspec-core (3.5.3)
      rspec-support (~> 3.5.0)
    rspec-expectations (3.5.0)
      diff-lcs (>= 1.2.0, < 2.0)
      rspec-support (~> 3.5.0)
    rspec-mocks (3.5.0)
      diff-lcs (>= 1.2.0, < 2.0)
      rspec-support (~> 3.5.0)
    rspec-puppet (0.1.6)
      rspec
    rspec-support (3.5.0)
    safe_yaml (1.0.4)
    spdx-licenses (1.1.0)

PLATFORMS
  ruby

DEPENDENCIES
  facter (< 3)
  json (< 2)
  json_pure (< 2)
  metadata-json-lint
  puppet (< 4)
  puppet-lint
  puppetlabs_spec_helper (< 0.8)
  rake
  rspec-puppet (~> 0.1.3)
  safe_yaml (~> 1.0.4)

BUNDLED WITH
   1.12.5
