GEM
  remote: https://rubygems.org/
  specs:
    addressable (2.7.0)
      public_suffix (>= 2.0.2, < 5.0)
    diff-lcs (1.4.4)
    facter (2.5.7)
    fast_gettext (1.1.2)
    gettext (3.2.9)
      locale (>= 2.0.5)
      text (>= 1.3.0)
    gettext-setup (0.34)
      fast_gettext (~> 1.1.0)
      gettext (>= 3.0.2, < 3.3.0)
      locale
    hiera (3.6.0)
    json-schema (2.8.1)
      addressable (>= 2.4)
    json_pure (1.8.6)
    locale (2.1.3)
    metadata-json-lint (2.4.0)
      json-schema (~> 2.8)
      spdx-licenses (~> 1.0)
    mocha (1.11.2)
    pathspec (0.2.1)
    public_suffix (4.0.6)
    puppet (4.10.12)
      facter (> 2.0, < 4)
      gettext-setup (>= 0.10, < 1)
      hiera (>= 2.0, < 4)
      json_pure (~> 1.8)
      locale (~> 2.1)
    puppet-lint (2.4.2)
    puppet-syntax (2.6.0)
      rake
    puppetlabs_spec_helper (2.15.0)
      mocha (~> 1.0)
      pathspec (~> 0.2.1)
      puppet-lint (~> 2.0)
      puppet-syntax (>= 2.0, < 4)
      rspec-puppet (~> 2.0)
    rake (13.0.1)
    rspec (3.9.0)
      rspec-core (~> 3.9.0)
      rspec-expectations (~> 3.9.0)
      rspec-mocks (~> 3.9.0)
    rspec-core (3.9.2)
      rspec-support (~> 3.9.3)
    rspec-expectations (3.9.2)
      diff-lcs (>= 1.2.0, < 2.0)
      rspec-support (~> 3.9.0)
    rspec-mocks (3.9.1)
      diff-lcs (>= 1.2.0, < 2.0)
      rspec-support (~> 3.9.0)
    rspec-puppet (2.7.10)
      rspec
    rspec-support (3.9.3)
    safe_yaml (1.0.5)
    spdx-licenses (1.2.0)
    text (1.3.1)

PLATFORMS
  ruby

DEPENDENCIES
  facter (< 3)
  metadata-json-lint
  puppet (~> 4.10.12)
  puppet-lint
  puppetlabs_spec_helper
  rake
  rspec-puppet (~> 2.7.0)
  safe_yaml (~> 1.0.4)

BUNDLED WITH
   1.17.3
